GEM
  remote: https://rubygems.org/
  specs:
    aws-sdk (1.67.0)
      aws-sdk-v1 (= 1.67.0)
    aws-sdk-v1 (1.67.0)
      json (~> 1.4)
      nokogiri (~> 1)
    deb-s3 (0.8.0)
      aws-sdk (~> 1.66)
      thor (~> 0.19.0)
    json (1.8.6)
    mini_portile2 (2.1.0)
    nokogiri (1.7.2)
      mini_portile2 (~> 2.1.0)
    thor (0.19.4)

PLATFORMS
  ruby

DEPENDENCIES
  deb-s3

BUNDLED WITH
   1.11.2
